GIT
  remote: https://github.com/Sutto/barista.git
  revision: eeba1e32d169e4cf7a97cc8936e1f7afb3b3b149
  ref: eeba1e32d1
  specs:
    barista (1.2.1)
      coffee-script (~> 2.2)

PATH
  remote: vendor/github_gems/notahat-machinist-1.0.3
  specs:
    machinist (1.0.3)

GEM
  remote: http://rubygems.org/
  specs:
    POpen4 (0.1.4)
      Platform (>= 0.4.0)
      open4
    Platform (0.4.0)
    actionmailer (2.3.17)
      actionpack (= 2.3.17)
    actionpack (2.3.17)
      activesupport (= 2.3.17)
      rack (~> 1.1.0)
    activerecord (2.3.17)
      activesupport (= 2.3.17)
    activeresource (2.3.17)
      activesupport (= 2.3.17)
    activesupport (2.3.17)
    addressable (2.3.3)
    builder (3.2.0)
    coffee-script (2.2.0)
      coffee-script-source
      execjs
    coffee-script-source (1.6.1)
    columnize (0.3.6)
    cucumber (1.2.3)
      builder (>= 2.1.2)
      diff-lcs (>= 1.1.3)
      gherkin (~> 2.11.6)
      multi_json (~> 1.3)
    cucumber-rails (0.3.2)
      cucumber (>= 0.8.0)
    daemons (1.0.10)
    database_cleaner (0.2.3)
    delayed_job (2.0.3)
      daemons
    diff-lcs (1.2.1)
    execjs (1.2.6)
      multi_json (~> 1.0)
    faker (0.3.1)
    gherkin (2.11.6)
      json (>= 1.7.6)
    jammit (0.6.5)
      yui-compressor (>= 0.9.3)
    json (1.7.7)
    launchy (2.2.0)
      addressable (~> 2.3)
    linecache (0.46)
      rbx-require-relative (> 0.0.4)
    mini_magick (1.3.3)
      subexec (~> 0.0.4)
    multi_json (1.6.1)
    mysql (2.7)
    nokogiri (1.5.6)
    open4 (1.3.0)
    rack (1.1.6)
    rails (2.3.17)
      actionmailer (= 2.3.17)
      actionpack (= 2.3.17)
      activerecord (= 2.3.17)
      activeresource (= 2.3.17)
      activesupport (= 2.3.17)
      rake (>= 0.8.3)
    rake (0.9.2)
    rbx-require-relative (0.0.9)
    rspec (1.3.2)
    rspec-rails (1.3.4)
      rack (>= 1.0.0)
      rspec (~> 1.3.1)
    ruby-debug (0.10.4)
      columnize (>= 0.1)
      ruby-debug-base (~> 0.10.4.0)
    ruby-debug-base (0.10.4)
      linecache (>= 0.3)
    subexec (0.0.4)
    webrat (0.5.3)
      nokogiri (>= 1.2.0)
      rack (>= 1.0)
    will_paginate (2.3.16)
    yui-compressor (0.9.6)
      POpen4 (>= 0.1.4)

PLATFORMS
  ruby

DEPENDENCIES
  barista!
  cucumber-rails (~> 0.3.2)
  daemons (= 1.0.10)
  database_cleaner (~> 0.2.3)
  delayed_job (= 2.0.3)
  execjs (<= 1.2.6)
  faker (= 0.3.1)
  jammit
  launchy
  machinist (= 1.0.3)!
  mini_magick (~> 1.3.3)
  mysql (~> 2.7.0)
  rails (= 2.3.17)
  rake (= 0.9.2)
  rspec-rails (~> 1.3.3)
  ruby-debug
  webrat (= 0.5.3)
  will_paginate (~> 2.3.0)
